GEM
  remote: http://rubygems.org/
  specs:
    abstract (1.0.0)
    git (1.2.5)
    hash-utils (0.19.0)
      ruby-version
    jeweler (1.6.4)
      bundler (~> 1.0)
      git (>= 1.2.5)
      rake
    rake (0.9.2)
    riot (0.12.5)
      rr
    rr (1.0.4)
    ruby-version (0.3.1)
    unified-queues (0.1.0)
      abstract (>= 1.0.0)
      hash-utils (>= 0.18.1)

PLATFORMS
  ruby

DEPENDENCIES
  abstract
  bundler (>= 1.0.0)
  jeweler (>= 1.5.2)
  riot (>= 0.12.3)
  unified-queues
