GEM
  remote: http://rubygems.org/
  specs:
    abstract (1.0.0)
    git (1.2.5)
    hash-utils (1.0.0)
      ruby-version
    jeweler2 (2.0.9)
      git (>= 1.2.5)
    lookup-hash (0.2.0)
      hash-utils (>= 0.11.0)
    riot (0.12.5)
      rr
    rr (1.0.4)
    ruby-version (0.3.1)
    unified-queues (0.1.0)
      abstract (>= 1.0.0)
      hash-utils (>= 0.18.1)
      lookup-hash

PLATFORMS
  ruby

DEPENDENCIES
  abstract
  bundler (>= 1.0.0)
  jeweler2 (>= 2.0.0)
  riot (>= 0.12.3)
  unified-queues
